GEM
  remote: https://rubygems.org/
  specs:
    benchmark-bigo (1.0.0)
      benchmark-ips (~> 2.0)
      chartkick (~> 1.2)
    benchmark-ips (2.3.0)
    chartkick (1.3.2)
    minitest (5.8.0)

PLATFORMS
  ruby

DEPENDENCIES
  benchmark-bigo
  benchmark-ips
  minitest

BUNDLED WITH
   1.10.5
